PATH
  remote: .
  specs:
    anyplayer (0.0.1)

GEM
  remote: http://rubygems.org/
  specs:

PLATFORMS
  ruby

DEPENDENCIES
  anyplayer!
