PATH
  remote: .
  specs:
    anyplayer (0.1.0pre)

GEM
  remote: http://rubygems.org/
  specs:
    flexmock (0.9.0)
    minitest (4.1.0)
    minitest-stub-const (0.1)
    rake (0.9.2.2)

PLATFORMS
  ruby

DEPENDENCIES
  anyplayer!
  flexmock
  minitest
  minitest-stub-const
  rake
